GEM
  remote: https://rubygems.org/
  specs:
    awesome_print (1.6.1)
    byebug (11.1.3)
    coderay (1.1.3)
    daemons (1.3.1)
    diff-lcs (1.4.4)
    eventmachine (1.2.7)
    method_source (0.9.2)
    pry (0.12.2)
      coderay (~> 1.1.0)
      method_source (~> 0.9.0)
    rack (2.2.3)
    rb-readline (0.5.5)
    rspec (3.9.0)
      rspec-core (~> 3.9.0)
      rspec-expectations (~> 3.9.0)
      rspec-mocks (~> 3.9.0)
    rspec-core (3.9.2)
      rspec-support (~> 3.9.3)
    rspec-expectations (3.9.2)
      diff-lcs (>= 1.2.0, < 2.0)
      rspec-support (~> 3.9.0)
    rspec-mocks (3.9.1)
      diff-lcs (>= 1.2.0, < 2.0)
      rspec-support (~> 3.9.0)
    rspec-support (3.9.3)
    sqlite3 (1.4.2)
    thin (1.7.2)
      daemons (~> 1.0, >= 1.0.9)
      eventmachine (~> 1.0, >= 1.0.4)
      rack (>= 1, < 3)

PLATFORMS
  ruby

DEPENDENCIES
  awesome_print (= 1.6.1)
  byebug
  pry (~> 0.12.2)
  rack
  rb-readline (~> 0.5.3)
  rspec
  sqlite3
  thin

BUNDLED WITH
   1.16.2
